GEM
  remote: http://rubygems.org/
  specs:
    abstract (1.0.0)
    actionmailer (3.0.13)
      actionpack (= 3.0.13)
      mail (~> 2.2.19)
    actionpack (3.0.13)
      activemodel (= 3.0.13)
      activesupport (= 3.0.13)
      builder (~> 2.1.2)
      erubis (~> 2.6.6)
      i18n (~> 0.5.0)
      rack (~> 1.2.5)
      rack-mount (~> 0.6.14)
      rack-test (~> 0.5.7)
      tzinfo (~> 0.3.23)
    activemodel (3.0.13)
      activesupport (= 3.0.13)
      builder (~> 2.1.2)
      i18n (~> 0.5.0)
    activerecord (3.0.13)
      activemodel (= 3.0.13)
      activesupport (= 3.0.13)
      arel (~> 2.0.10)
      tzinfo (~> 0.3.23)
    activeresource (3.0.13)
      activemodel (= 3.0.13)
      activesupport (= 3.0.13)
    activesupport (3.0.13)
    arel (2.0.10)
    builder (2.1.2)
    erubis (2.6.6)
      abstract (>= 1.0.0)
    event-calendar (2.3.3)
    faker (1.0.1)
      i18n (~> 0.4)
    foreman (0.47.0)
      thor (>= 0.13.6)
    gravatar_image_tag (1.1.2)
    high_voltage (1.1.1)
    i18n (0.5.0)
    jquery-rails (0.2.6)
      rails (~> 3.0)
      thor (~> 0.14.4)
    json (1.7.3)
    kgio (2.7.4)
    mail (2.2.19)
      activesupport (>= 2.3.6)
      i18n (>= 0.4.0)
      mime-types (~> 1.16)
      treetop (~> 1.4.8)
    mime-types (1.18)
    polyglot (0.3.3)
    rack (1.2.5)
    rack-mount (0.6.14)
      rack (>= 1.0.0)
    rack-test (0.5.7)
      rack (>= 1.0)
    rails (3.0.13)
      actionmailer (= 3.0.13)
      actionpack (= 3.0.13)
      activerecord (= 3.0.13)
      activeresource (= 3.0.13)
      activesupport (= 3.0.13)
      bundler (~> 1.0)
      railties (= 3.0.13)
    railties (3.0.13)
      actionpack (= 3.0.13)
      activesupport (= 3.0.13)
      rake (>= 0.8.7)
      rdoc (~> 3.4)
      thor (~> 0.14.4)
    raindrops (0.9.0)
    rake (0.9.2.2)
    rdoc (3.12)
      json (~> 1.4)
    recaptcha (0.3.1)
    sqlite3-ruby (1.3.2)
    thor (0.14.6)
    treetop (1.4.10)
      polyglot
      polyglot (>= 0.3.1)
    tzinfo (0.3.33)
    unicorn (4.3.1)
      kgio (~> 2.6)
      rack
      raindrops (~> 0.7)
    will_paginate (3.0.3)

PLATFORMS
  ruby

DEPENDENCIES
  event-calendar
  faker (~> 1.0.1)
  foreman
  gravatar_image_tag (~> 1.1.2)
  high_voltage (~> 1.1.1)
  jquery-rails (~> 0.2.6)
  json (~> 1.7.3)
  rails (= 3.0.13)
  recaptcha
  sqlite3-ruby
  tzinfo (~> 0.3.33)
  unicorn
  will_paginate (~> 3.0.3)
